PATH
  remote: .
  specs:
    efax (1.4.2)
      builder (~> 3.0.0)
      nokogiri (~> 1.6)

GEM
  remote: http://rubygems.org/
  specs:
    builder (3.0.4)
    mini_portile2 (2.0.0)
    mocha (0.9.12)
    nokogiri (1.6.7.2)
      mini_portile2 (~> 2.0.0.rc2)
    rake (0.9.2)
    test-unit (2.3.2)

PLATFORMS
  ruby

DEPENDENCIES
  efax!
  mocha (~> 0.9.12)
  rake
  test-unit (~> 2.3.2)

BUNDLED WITH
   1.10.6
